PATH
  remote: .
  specs:
    fastlane (2.228.0)
      CFPropertyList (>= 2.3, < 4.0.0)
      addressable (>= 2.8, < 3.0.0)
      artifactory (~> 3.0)
      aws-sdk-s3 (~> 1.0)
      babosa (>= 1.0.3, < 2.0.0)
      bundler (>= 1.12.0, < 3.0.0)
      colored (~> 1.2)
      commander (~> 4.6)
      dotenv (>= 2.1.1, < 3.0.0)
      emoji_regex (>= 0.1, < 4.0)
      excon (>= 0.71.0, < 1.0.0)
      faraday (~> 2.0)
      faraday-cookie_jar (~> 0.0.7)
      faraday-follow_redirects (~> 0.3)
      faraday-multipart (~> 1.0)
      faraday-retry (~> 2.0)
      fastimage (>= 2.1.0, < 3.0.0)
      fastlane-sirp (>= 1.0.0)
      gh_inspector (>= 1.1.2, < 2.0.0)
      google-apis-androidpublisher_v3 (~> 0.3)
      google-apis-playcustomapp_v1 (~> 0.1)
      google-cloud-env (>= 1.6.0, < 2.0.0)
      google-cloud-storage (~> 1.31)
      highline (~> 2.0)
      http-cookie (~> 1.0.5)
      json (< 3.0.0)
      jwt (>= 2.1.0, < 3)
      mini_magick (>= 4.9.4, < 5.0.0)
      multipart-post (>= 2.0.0, < 3.0.0)
      naturally (~> 2.2)
      optparse (>= 0.1.1, < 1.0.0)
      plist (>= 3.1.0, < 4.0.0)
      rubyzip (>= 2.0.0, < 3.0.0)
      security (= 0.1.5)
      simctl (~> 1.6.3)
      terminal-notifier (>= 2.0.0, < 3.0.0)
      terminal-table (~> 3)
      tty-screen (>= 0.6.3, < 1.0.0)
      tty-spinner (>= 0.8.0, < 1.0.0)
      word_wrap (~> 1.0.0)
      xcodeproj (>= 1.13.0, < 2.0.0)
      xcpretty (~> 0.4.1)
      xcpretty-travis-formatter (>= 0.0.3, < 2.0.0)

GEM
  remote: https://rubygems.org/
  specs:
    CFPropertyList (3.0.7)
      base64
      nkf
      rexml
    abbrev (0.1.2)
    activesupport (8.0.3)
      base64
      benchmark (>= 0.3)
      bigdecimal
      concurrent-ruby (~> 1.0, >= 1.3.1)
      connection_pool (>= 2.2.5)
      drb
      i18n (>= 1.6, < 2)
      logger (>= 1.4.2)
      minitest (>= 5.1)
      securerandom (>= 0.3)
      tzinfo (~> 2.0, >= 2.0.5)
      uri (>= 0.13.1)
    addressable (2.8.7)
      public_suffix (>= 2.0.2, < 7.0)
    artifactory (3.0.17)
    ast (2.4.3)
    atomos (0.1.3)
    aws-eventstream (1.4.0)
    aws-partitions (1.1164.0)
    aws-sdk-core (3.233.0)
      aws-eventstream (~> 1, >= 1.3.0)
      aws-partitions (~> 1, >= 1.992.0)
      aws-sigv4 (~> 1.9)
      base64
      bigdecimal
      jmespath (~> 1, >= 1.6.1)
      logger
    aws-sdk-kms (1.112.0)
      aws-sdk-core (~> 3, >= 3.231.0)
      aws-sigv4 (~> 1.5)
    aws-sdk-s3 (1.199.0)
      aws-sdk-core (~> 3, >= 3.231.0)
      aws-sdk-kms (~> 1)
      aws-sigv4 (~> 1.5)
    aws-sigv4 (1.12.1)
      aws-eventstream (~> 1, >= 1.0.2)
    babosa (1.0.4)
    base64 (0.3.0)
    benchmark (0.4.1)
    bigdecimal (3.2.3)
    binding_of_caller (1.0.1)
      debug_inspector (>= 1.2.0)
    byebug (12.0.0)
    claide (1.1.0)
    claide-plugins (0.9.2)
      cork
      nap
      open4 (~> 1.3)
    climate_control (0.2.0)
    coderay (1.1.3)
    colored (1.2)
    colored2 (3.1.2)
    commander (4.6.0)
      highline (~> 2.0.0)
    concurrent-ruby (1.3.5)
    connection_pool (2.5.4)
    cork (0.3.0)
      colored2 (~> 3.1)
    coveralls (0.8.23)
      json (>= 1.8, < 3)
      simplecov (~> 0.16.1)
      term-ansicolor (~> 1.3)
      thor (>= 0.19.4, < 2.0)
      tins (~> 1.6)
    crack (1.0.0)
      bigdecimal
      rexml
    csv (3.3.5)
    danger (9.5.3)
      base64 (~> 0.2)
      claide (~> 1.0)
      claide-plugins (>= 0.9.2)
      colored2 (>= 3.1, < 5)
      cork (~> 0.1)
      faraday (>= 0.9.0, < 3.0)
      faraday-http-cache (~> 2.0)
      git (>= 1.13, < 3.0)
      kramdown (>= 2.5.1, < 3.0)
      kramdown-parser-gfm (~> 1.0)
      octokit (>= 4.0)
      pstore (~> 0.1)
      terminal-table (>= 1, < 5)
    danger-junit (1.0.2)
      danger (> 2.0)
      ox (~> 2.0)
    debug_inspector (1.2.0)
    declarative (0.0.20)
    diff-lcs (1.6.2)
    digest-crc (0.7.0)
      rake (>= 12.0.0, < 14.0.0)
    docile (1.4.1)
    domain_name (0.6.20240107)
    dotenv (2.8.1)
    drb (2.2.3)
    emoji_regex (3.2.3)
    excon (0.112.0)
    fakefs (1.8.0)
    faraday (2.13.4)
      faraday-net_http (>= 2.0, < 3.5)
      json
      logger
    faraday-cookie_jar (0.0.7)
      faraday (>= 0.8.0)
      http-cookie (~> 1.0.0)
    faraday-follow_redirects (0.3.0)
      faraday (>= 1, < 3)
    faraday-http-cache (2.5.1)
      faraday (>= 0.8)
    faraday-multipart (1.1.1)
      multipart-post (~> 2.0)
    faraday-net_http (3.4.1)
      net-http (>= 0.5.0)
    faraday-retry (2.3.2)
      faraday (~> 2.0)
    fastimage (2.4.0)
    fastlane-plugin-clubmate (0.1.0)
    fastlane-plugin-ruby (0.1.3)
    fastlane-plugin-slack_train (0.2.0)
    fastlane-sirp (1.0.0)
      sysrandom (~> 1.0)
    gh_inspector (1.1.3)
    git (2.3.3)
      activesupport (>= 5.0)
      addressable (~> 2.8)
      process_executer (~> 1.1)
      rchardet (~> 1.8)
    google-apis-androidpublisher_v3 (0.54.0)
      google-apis-core (>= 0.11.0, < 2.a)
    google-apis-core (0.11.3)
      addressable (~> 2.5, >= 2.5.1)
      googleauth (>= 0.16.2, < 2.a)
      httpclient (>= 2.8.1, < 3.a)
      mini_mime (~> 1.0)
      representable (~> 3.0)
      retriable (>= 2.0, < 4.a)
      rexml
    google-apis-iamcredentials_v1 (0.17.0)
      google-apis-core (>= 0.11.0, < 2.a)
    google-apis-playcustomapp_v1 (0.13.0)
      google-apis-core (>= 0.11.0, < 2.a)
    google-apis-storage_v1 (0.31.0)
      google-apis-core (>= 0.11.0, < 2.a)
    google-cloud-core (1.8.0)
      google-cloud-env (>= 1.0, < 3.a)
      google-cloud-errors (~> 1.0)
    google-cloud-env (1.6.0)
      faraday (>= 0.17.3, < 3.0)
    google-cloud-errors (1.5.0)
    google-cloud-storage (1.47.0)
      addressable (~> 2.8)
      digest-crc (~> 0.4)
      google-apis-iamcredentials_v1 (~> 0.1)
      google-apis-storage_v1 (~> 0.31.0)
      google-cloud-core (~> 1.6)
      googleauth (>= 0.16.2, < 2.a)
      mini_mime (~> 1.0)
    googleauth (1.8.1)
      faraday (>= 0.17.3, < 3.a)
      jwt (>= 1.4, < 3.0)
      multi_json (~> 1.11)
      os (>= 0.9, < 2.0)
      signet (>= 0.16, < 2.a)
    hashdiff (1.2.1)
    highline (2.0.3)
    http-cookie (1.0.8)
      domain_name (~> 0.5)
    httpclient (2.9.0)
      mutex_m
    i18n (1.14.7)
      concurrent-ruby (~> 1.0)
    interception (0.5)
    jmespath (1.6.2)
    json (2.15.0)
    jwt (2.10.2)
      base64
    kramdown (2.5.1)
      rexml (>= 3.3.9)
    kramdown-parser-gfm (1.1.0)
      kramdown (~> 2.0)
    logger (1.7.0)
    method_source (1.1.0)
    mime-types (3.7.0)
      logger
      mime-types-data (~> 3.2025, >= 3.2025.0507)
    mime-types-data (3.2025.0916)
    mini_magick (4.13.2)
    mini_mime (1.1.5)
    minitest (5.25.5)
    mize (0.6.1)
    multi_json (1.17.0)
    multipart-post (2.4.1)
    mustermann (2.0.2)
      ruby2_keywords (~> 0.0.1)
    mutex_m (0.3.0)
    nanaimo (0.4.0)
    nap (1.1.0)
    naturally (2.3.0)
    net-http (0.6.0)
      uri
    nkf (0.2.0)
    octokit (10.0.0)
      faraday (>= 1, < 3)
      sawyer (~> 0.9)
    open4 (1.3.4)
    optparse (0.6.0)
    os (1.1.4)
    ostruct (0.6.3)
    ox (2.13.2)
    parallel (1.27.0)
    parser (3.3.9.0)
      ast (~> 2.4.1)
      racc
    plist (3.7.2)
    prism (1.5.1)
    process_executer (1.3.0)
    pry (0.15.2)
      coderay (~> 1.1)
      method_source (~> 1.0)
    pry-byebug (3.11.0)
      byebug (~> 12.0)
      pry (>= 0.13, < 0.16)
    pry-rescue (1.6.0)
      interception (>= 0.5)
      pry (>= 0.12.0)
    pry-stack_explorer (0.6.1)
      binding_of_caller (~> 1.0)
      pry (~> 0.13)
    pstore (0.2.0)
    public_suffix (6.0.2)
    racc (1.8.1)
    rack (2.2.17)
    rack-protection (2.2.4)
      rack
    rainbow (3.1.1)
    rake (13.3.0)
    rb-readline (0.5.5)
    rchardet (1.10.0)
    regexp_parser (2.11.3)
    representable (3.2.0)
      declarative (< 0.1.0)
      trailblazer-option (>= 0.1.1, < 0.2.0)
      uber (< 0.2.0)
    retriable (3.1.2)
    rexml (3.4.4)
    rouge (3.28.0)
    rspec (3.13.1)
      rspec-core (~> 3.13.0)
      rspec-expectations (~> 3.13.0)
      rspec-mocks (~> 3.13.0)
    rspec-core (3.13.5)
      rspec-support (~> 3.13.0)
    rspec-expectations (3.13.5)
      diff-lcs (>= 1.2.0, < 2.0)
      rspec-support (~> 3.13.0)
    rspec-mocks (3.13.5)
      diff-lcs (>= 1.2.0, < 2.0)
      rspec-support (~> 3.13.0)
    rspec-support (3.13.6)
    rspec_junit_formatter (0.4.1)
      rspec-core (>= 2, < 4, != 2.12.0)
    rubocop (1.50.2)
      json (~> 2.3)
      parallel (~> 1.10)
      parser (>= 3.2.0.0)
      rainbow (>= 2.2.2, < 4.0)
      regexp_parser (>= 1.8, < 3.0)
      rexml (>= 3.2.5, < 4.0)
      rubocop-ast (>= 1.28.0, < 2.0)
      ruby-progressbar (~> 1.7)
      unicode-display_width (>= 2.4.0, < 3.0)
    rubocop-ast (1.47.1)
      parser (>= 3.3.7.2)
      prism (~> 1.4)
    rubocop-performance (1.23.1)
      rubocop (>= 1.48.1, < 2.0)
      rubocop-ast (>= 1.31.1, < 2.0)
    rubocop-require_tools (0.1.2)
      rubocop (>= 0.49.1)
    ruby-progressbar (1.13.0)
    ruby2_keywords (0.0.5)
    rubyzip (2.4.1)
    sawyer (0.9.2)
      addressable (>= 2.3.5)
      faraday (>= 0.17.3, < 3)
    securerandom (0.4.1)
    security (0.1.5)
    signet (0.21.0)
      addressable (~> 2.8)
      faraday (>= 0.17.5, < 3.a)
      jwt (>= 1.5, < 4.0)
      multi_json (~> 1.10)
    simctl (1.6.10)
      CFPropertyList
      naturally
    simplecov (0.16.1)
      docile (~> 1.1)
      json (>= 1.8, < 3)
      simplecov-html (~> 0.10.0)
    simplecov-html (0.10.2)
    sinatra (2.2.4)
      mustermann (~> 2.0)
      rack (~> 2.2)
      rack-protection (= 2.2.4)
      tilt (~> 2.0)
    slack-notifier (2.4.0)
    sync (0.5.0)
    sysrandom (1.0.5)
    term-ansicolor (1.11.3)
      tins (~> 1)
    terminal-notifier (2.0.0)
    terminal-table (3.0.2)
      unicode-display_width (>= 1.1.1, < 3)
    thor (1.4.0)
    tilt (2.6.1)
    tins (1.44.1)
      bigdecimal
      mize (~> 0.6)
      sync
    trailblazer-option (0.1.2)
    tty-cursor (0.7.1)
    tty-screen (0.8.2)
    tty-spinner (0.9.3)
      tty-cursor (~> 0.7)
    tzinfo (2.0.6)
      concurrent-ruby (~> 1.0)
    uber (0.1.0)
    unicode-display_width (2.6.0)
    uri (1.0.3)
    webmock (3.25.1)
      addressable (>= 2.8.0)
      crack (>= 0.3.2)
      hashdiff (>= 0.4.0, < 2.0.0)
    word_wrap (1.0.0)
    xcode-install (2.8.1)
      claide (>= 0.9.1)
      fastlane (>= 2.1.0, < 3.0.0)
    xcodeproj (1.27.0)
      CFPropertyList (>= 2.3.3, < 4.0)
      atomos (~> 0.1.3)
      claide (>= 1.0.2, < 2.0)
      colored2 (~> 3.1)
      nanaimo (~> 0.4.0)
      rexml (>= 3.3.6, < 4.0)
    xcov (1.4.3)
      fastlane (>= 2.82.0, < 3.0.0)
      multipart-post
      slack-notifier
      terminal-table
      xcodeproj
    xcpretty (0.4.1)
      rouge (~> 3.28.0)
    xcpretty-travis-formatter (1.0.1)
      xcpretty (~> 0.2, >= 0.0.7)
    yard (0.9.37)

PLATFORMS
  arm64-darwin-24
  ruby

DEPENDENCIES
  abbrev (~> 0.1.2)
  climate_control (~> 0.2.0)
  coveralls (~> 0.8.13)
  csv (~> 3.3)
  danger (~> 9.0)
  danger-junit (~> 1.0)
  fakefs (= 1.8)
  faraday-retry (~> 2.3)
  fastlane!
  fastlane-plugin-clubmate
  fastlane-plugin-ruby
  fastlane-plugin-slack_train (>= 0.2.0)
  mime-types (>= 1.16, < 4.0)
  ostruct (~> 0.6.3)
  ox (= 2.13.2)
  pry
  pry-byebug
  pry-rescue
  pry-stack_explorer
  rake
  rb-readline
  rspec (~> 3.10)
  rspec_junit_formatter (~> 0.4.1)
  rubocop (= 1.50.2)
  rubocop-performance
  rubocop-require_tools
  sinatra (>= 2.2.3, < 3.0)
  webmock (~> 3.18)
  xcode-install (>= 2.6.7)
  xcov (~> 1.4.1)
  yard (~> 0.9.11)

BUNDLED WITH
   2.6.9
